GIT
  remote: git://github.com/airblade/paper_trail.git
  revision: 071282f30367ed6a4c2a41b235db920ec26af775
  specs:
    paper_trail (3.0.3)
      activerecord (>= 3.0, < 5.0)
      activesupport (>= 3.0, < 5.0)

GIT
  remote: git://github.com/bokmann/font-awesome-rails.git
  revision: d4cc84463a8df29e1d5fd534a53cb7ef62a80ef6
  specs:
    font-awesome-rails (4.1.0.0)
      railties (>= 3.2, < 5.0)

GIT
  remote: git://github.com/joliss/jquery-ui-rails.git
  revision: a4cdafba41d71cb3e226e3c06e806e98cda6e6ed
  specs:
    jquery-ui-rails (5.0.0)
      railties (>= 3.2.16)

GIT
  remote: git://github.com/kossnocorp/jquery.turbolinks.git
  revision: 83b44af5cf58e744f91462fcedbc3c82589bf862
  specs:
    jquery-turbolinks (2.0.2)
      railties (>= 3.1.0)
      turbolinks

GIT
  remote: git://github.com/plataformatec/simple_form.git
  revision: c3bc4af79df2f3f51500a38d8a84aa682f9ad009
  specs:
    simple_form (3.1.0.rc2)
      actionpack (~> 4.0)
      activemodel (~> 4.0)

GIT
  remote: git://github.com/rafaelmacedo/masked_input-rails.git
  revision: 354f528c11abfd095cdf241a127b5da38690d596
  specs:
    masked_input-rails (1.2.0.pre)
      railties (~> 4.0)

GIT
  remote: git://github.com/rails/jquery-rails.git
  revision: 4bc300a994537a7c46d5eb55eac5f6796532d0ef
  specs:
    jquery-rails (3.1.1)
      railties (>= 3.0, < 5.0)
      thor (>= 0.14, < 2.0)

GIT
  remote: git://github.com/rails/turbolinks.git
  revision: 153f1b0f04c718442cfd73365a2778dfe1a1c5c7
  specs:
    turbolinks (2.2.2)
      coffee-rails

GIT
  remote: git://github.com/trevors/bootstrap3-datetimepicker-rails.git
  revision: a659f20dc2f8c3cd8f834809c9c0f44c18b7077e
  specs:
    bootstrap3-datetimepicker-rails (3.1.1)
      momentjs-rails (>= 2.8.1)

GEM
  remote: https://rubygems.org/
  specs:
    actionmailer (4.1.5)
      actionpack (= 4.1.5)
      actionview (= 4.1.5)
      mail (~> 2.5.4)
    actionpack (4.1.5)
      actionview (= 4.1.5)
      activesupport (= 4.1.5)
      rack (~> 1.5.2)
      rack-test (~> 0.6.2)
    actionview (4.1.5)
      activesupport (= 4.1.5)
      builder (~> 3.1)
      erubis (~> 2.7.0)
    activemodel (4.1.5)
      activesupport (= 4.1.5)
      builder (~> 3.1)
    activerecord (4.1.5)
      activemodel (= 4.1.5)
      activesupport (= 4.1.5)
      arel (~> 5.0.0)
    activesupport (4.1.5)
      i18n (~> 0.6, >= 0.6.9)
      json (~> 1.7, >= 1.7.7)
      minitest (~> 5.1)
      thread_safe (~> 0.1)
      tzinfo (~> 1.1)
    arel (5.0.1.20140414130214)
    backgridjs-rails (0.3.5)
      rails (>= 3.2.11)
    bcrypt (3.1.7)
    bcrypt (3.1.7-x86-mingw32)
    better_errors (1.1.0)
      coderay (>= 1.0.0)
      erubis (>= 2.6.6)
    binding_of_caller (0.7.2)
      debug_inspector (>= 0.0.1)
    bootstrap-sass (3.2.0.1)
      sass (~> 3.2)
    breadcrumbs_on_rails (2.3.0)
    builder (3.2.2)
    callsite (0.0.11)
    coderay (1.1.0)
    coffee-rails (4.0.1)
      coffee-script (>= 2.2.0)
      railties (>= 4.0.0, < 5.0)
    coffee-script (2.3.0)
      coffee-script-source
      execjs
    coffee-script-source (1.7.1)
    debug_inspector (0.0.2)
    enumerize (0.8.0)
      activesupport (>= 3.2)
    erubis (2.7.0)
    eventmachine (1.0.3)
    eventmachine (1.0.3-x86-mingw32)
    execjs (2.2.1)
    faye-websocket (0.7.4)
      eventmachine (>= 0.12.0)
      websocket-driver (>= 0.3.1)
    gibbon (1.1.3)
      httparty
      multi_json (>= 1.3.4)
    gmaps4rails (2.1.2)
    haml (4.0.5)
      tilt
    hike (1.2.3)
    httparty (0.13.1)
      json (~> 1.8)
      multi_xml (>= 0.5.2)
    i18n (0.6.11)
    icheck-rails (0.9.0.2)
      jquery-rails
      rails (>= 3.1.0)
    jbuilder (2.1.3)
      activesupport (>= 3.0.0, < 5)
      multi_json (~> 1.2)
    jquery-migrate-rails (1.2.1)
    json (1.8.1)
    kaminari (0.16.1)
      actionpack (>= 3.0.0)
      activesupport (>= 3.0.0)
    mail (2.5.4)
      mime-types (~> 1.16)
      treetop (~> 1.4.8)
    meta_request (0.3.4)
      callsite (~> 0.0, >= 0.0.11)
      rack-contrib (~> 1.1)
      railties (>= 3.0.0, < 5.0.0)
    mime-types (1.25.1)
    minitest (5.4.0)
    momentjs-rails (2.8.1)
      railties (>= 3.1)
    multi_json (1.10.1)
    multi_xml (0.5.5)
    naturally (1.3.1)
    nested_form (0.3.2)
    net-ldap (0.7.0)
    pdf-core (0.2.5)
    pg (0.17.1)
    pg (0.17.1-x86-mingw32)
    pg_search (0.7.6)
      activerecord (>= 3.1)
      activesupport (>= 3.1)
      arel
    placeholder-gem (3.0.2)
      railties (>= 3.1)
    polyamorous (1.0.0)
      activerecord (>= 3.0)
    polyglot (0.3.5)
    prawn (1.2.1)
      pdf-core (~> 0.2.5)
      ttfunk (~> 1.2.0)
    rack (1.5.2)
    rack-contrib (1.1.0)
      rack (>= 0.9.1)
    rack-protection (1.5.3)
      rack
    rack-test (0.6.2)
      rack (>= 1.0)
    rails (4.1.5)
      actionmailer (= 4.1.5)
      actionpack (= 4.1.5)
      actionview (= 4.1.5)
      activemodel (= 4.1.5)
      activerecord (= 4.1.5)
      activesupport (= 4.1.5)
      bundler (>= 1.3.0, < 2.0)
      railties (= 4.1.5)
      sprockets-rails (~> 2.0)
    railties (4.1.5)
      actionpack (= 4.1.5)
      activesupport (= 4.1.5)
      rake (>= 0.8.7)
      thor (>= 0.18.1, < 2.0)
    rake (10.3.2)
    ransack (1.2.3)
      actionpack (>= 3.0)
      activerecord (>= 3.0)
      activesupport (>= 3.0)
      i18n
      polyamorous (~> 1.0.0)
    rdoc (4.1.1)
      json (~> 1.4)
    redis (3.1.0)
    sass (3.2.19)
    sass-rails (4.0.3)
      railties (>= 4.0.0, < 5.0)
      sass (~> 3.2.0)
      sprockets (~> 2.8, <= 2.11.0)
      sprockets-rails (~> 2.0)
    sdoc (0.4.1)
      json (~> 1.7, >= 1.7.7)
      rdoc (~> 4.0)
    select2-rails (3.5.9.1)
      thor (~> 0.14)
    sinatra (1.4.5)
      rack (~> 1.4)
      rack-protection (~> 1.4)
      tilt (~> 1.3, >= 1.3.4)
    smart_listing (1.0.0)
      coffee-rails
      kaminari (>= 0.15.1)
      rails (>= 3.2)
    soulmate (1.1.0)
      multi_json (>= 1.0)
      redis (>= 3.0)
      sinatra (>= 1.0)
      vegas (>= 0.1.0)
    sprockets (2.11.0)
      hike (~> 1.2)
      multi_json (~> 1.0)
      rack (~> 1.0)
      tilt (~> 1.1, != 1.3.0)
    sprockets-rails (2.1.3)
      actionpack (>= 3.0)
      activesupport (>= 3.0)
      sprockets (~> 2.8)
    thor (0.19.1)
    thread_safe (0.3.4)
    tilt (1.4.1)
    treetop (1.4.15)
      polyglot
      polyglot (>= 0.3.1)
    ttfunk (1.2.0)
    twitter-typeahead-rails (0.10.2)
      actionpack (>= 3.1)
      jquery-rails
      railties (>= 3.1)
    tzinfo (1.2.2)
      thread_safe (~> 0.1)
    tzinfo-data (1.2014.6)
      tzinfo (>= 1.0.0)
    uglifier (2.5.3)
      execjs (>= 0.3.0)
      json (>= 1.8.0)
    underscore-rails (1.6.0)
    vegas (0.1.11)
      rack (>= 1.0.0)
    websocket-driver (0.3.4)

PLATFORMS
  x86-mingw32

DEPENDENCIES
  backgridjs-rails
  bcrypt
  better_errors
  binding_of_caller
  bootstrap-sass
  bootstrap3-datetimepicker-rails!
  breadcrumbs_on_rails
  coffee-rails (~> 4.0.0)
  enumerize
  faye-websocket
  font-awesome-rails!
  gibbon
  gmaps4rails
  haml
  icheck-rails
  jbuilder
  jquery-migrate-rails
  jquery-rails!
  jquery-turbolinks!
  jquery-ui-rails!
  masked_input-rails!
  meta_request
  momentjs-rails
  naturally
  nested_form
  net-ldap
  paper_trail!
  pg
  pg_search
  placeholder-gem
  prawn
  rails
  railties
  ransack
  sass-rails
  sdoc
  select2-rails
  simple_form!
  smart_listing
  soulmate
  thread_safe
  turbolinks!
  twitter-typeahead-rails
  tzinfo-data
  uglifier (>= 1.3.0)
  underscore-rails
