GIT
  remote: git://github.com/airblade/paper_trail.git
  revision: 1880df9b618e783bce96cfd006a918b20b9833e2
  specs:
    paper_trail (3.0.2)
      activerecord (>= 3.0, < 5.0)
      activesupport (>= 3.0, < 5.0)

GIT
  remote: git://github.com/bokmann/font-awesome-rails.git
  revision: 9f1fec73b7c0dd96c4e4b6ddf5a5f64f1c418b42
  specs:
    font-awesome-rails (4.1.0.0)
      railties (>= 3.2, < 5.0)

GIT
  remote: git://github.com/joliss/jquery-ui-rails.git
  revision: 8b2d28d20d4d9372f5ae6318a878bfec275d7b10
  specs:
    jquery-ui-rails (4.2.1)
      railties (>= 3.2.16)

GIT
  remote: git://github.com/kossnocorp/jquery.turbolinks.git
  revision: 73b9cb57b99c45c04743b40280af0716096c29a9
  specs:
    jquery-turbolinks (2.0.2)
      railties (>= 3.1.0)
      turbolinks

GIT
  remote: git://github.com/plataformatec/simple_form.git
  revision: 9196efd2562573aa08037034051fc8c924083e10
  specs:
    simple_form (3.1.0.rc1)
      actionpack (~> 4.0)
      activemodel (~> 4.0)

GIT
  remote: git://github.com/rafaelmacedo/masked_input-rails.git
  revision: 354f528c11abfd095cdf241a127b5da38690d596
  specs:
    masked_input-rails (1.2.0.pre)
      railties (~> 4.0)

GIT
  remote: git://github.com/rails/jquery-rails.git
  revision: 469171f4f24bbca1c38e741dcb258ba885724e5d
  specs:
    jquery-rails (3.1.0)
      railties (>= 3.0, < 5.0)
      thor (>= 0.14, < 2.0)

GIT
  remote: git://github.com/rails/sass-rails.git
  revision: 3a9e47db7d769221157c82229fc1bade55b580f0
  specs:
    sass-rails (4.0.1)
      railties (>= 4.0.0, < 5.0)
      sass (~> 3.2)
      sprockets (~> 2.12)
      sprockets-rails (~> 2.0)

GIT
  remote: git://github.com/rails/turbolinks.git
  revision: 23e5937ca74d4e81f8322c7afb735d096186061d
  specs:
    turbolinks (2.2.2)
      coffee-rails

GIT
  remote: git://github.com/twbs/bootstrap-sass.git
  revision: a416cb86a3ddc6906892b2c0472deea306989fea
  specs:
    bootstrap-sass (3.1.1.1)
      sass (~> 3.2)

GEM
  remote: https://rubygems.org/
  specs:
    actionmailer (4.1.1)
      actionpack (= 4.1.1)
      actionview (= 4.1.1)
      mail (~> 2.5.4)
    actionpack (4.1.1)
      actionview (= 4.1.1)
      activesupport (= 4.1.1)
      rack (~> 1.5.2)
      rack-test (~> 0.6.2)
    actionview (4.1.1)
      activesupport (= 4.1.1)
      builder (~> 3.1)
      erubis (~> 2.7.0)
    activemodel (4.1.1)
      activesupport (= 4.1.1)
      builder (~> 3.1)
    activerecord (4.1.1)
      activemodel (= 4.1.1)
      activesupport (= 4.1.1)
      arel (~> 5.0.0)
    activesupport (4.1.1)
      i18n (~> 0.6, >= 0.6.9)
      json (~> 1.7, >= 1.7.7)
      minitest (~> 5.1)
      thread_safe (~> 0.1)
      tzinfo (~> 1.1)
    arel (5.0.1.20140414130214)
    backgridjs-rails (0.3.5)
      rails (>= 3.2.11)
    bcrypt (3.1.7)
    bcrypt (3.1.7-x86-mingw32)
    better_errors (1.1.0)
      coderay (>= 1.0.0)
      erubis (>= 2.6.6)
    bootstrap3-datetimepicker-rails (3.0.0)
      momentjs-rails (~> 2.5.0)
    breadcrumbs_on_rails (2.3.0)
    builder (3.2.2)
    cancan (1.6.10)
    cocoon (1.2.6)
    coderay (1.1.0)
    coffee-rails (4.0.1)
      coffee-script (>= 2.2.0)
      railties (>= 4.0.0, < 5.0)
    coffee-script (2.2.0)
      coffee-script-source
      execjs
    coffee-script-source (1.7.0)
    erubis (2.7.0)
    eventmachine (1.0.3)
    eventmachine (1.0.3-x86-mingw32)
    execjs (2.0.2)
    faye-websocket (0.7.3)
      eventmachine (>= 0.12.0)
      websocket-driver (>= 0.3.1)
    gibbon (1.1.2)
      httparty
      multi_json (>= 1.3.4)
    gmaps4rails (2.1.2)
    haml (4.0.5)
      tilt
    hike (1.2.3)
    httparty (0.13.1)
      json (~> 1.8)
      multi_xml (>= 0.5.2)
    i18n (0.6.9)
    icheck-rails (0.9.0.2)
      jquery-rails
      rails (>= 3.1.0)
    jbuilder (2.0.7)
      activesupport (>= 3.0.0, < 5)
      multi_json (~> 1.2)
    jquery-migrate-rails (1.2.1)
    json (1.8.1)
    kaminari (0.15.1)
      actionpack (>= 3.0.0)
      activesupport (>= 3.0.0)
    mail (2.5.4)
      mime-types (~> 1.16)
      treetop (~> 1.4.8)
    mime-types (1.25.1)
    minitest (5.3.4)
    momentjs-rails (2.5.1)
      railties (>= 3.1)
    multi_json (1.10.0)
    multi_xml (0.5.5)
    pdf-core (0.2.5)
    pg (0.17.1)
    pg (0.17.1-x86-mingw32)
    pg_search (0.7.3)
      activerecord (>= 3.1)
      activesupport (>= 3.1)
      arel
    placeholder-gem (3.0.2)
      railties (>= 3.1)
    polyglot (0.3.4)
    prawn (1.0.0)
      pdf-core (~> 0.2.2)
      ttfunk (~> 1.1.1)
    rack (1.5.2)
    rack-test (0.6.2)
      rack (>= 1.0)
    rails (4.1.1)
      actionmailer (= 4.1.1)
      actionpack (= 4.1.1)
      actionview (= 4.1.1)
      activemodel (= 4.1.1)
      activerecord (= 4.1.1)
      activesupport (= 4.1.1)
      bundler (>= 1.3.0, < 2.0)
      railties (= 4.1.1)
      sprockets-rails (~> 2.0)
    railties (4.1.1)
      actionpack (= 4.1.1)
      activesupport (= 4.1.1)
      rake (>= 0.8.7)
      thor (>= 0.18.1, < 2.0)
    rake (10.3.2)
    rdoc (4.1.1)
      json (~> 1.4)
    sass (3.3.7)
    sdoc (0.4.0)
      json (~> 1.8)
      rdoc (~> 4.0, < 5.0)
    select2-rails (3.5.7)
      thor (~> 0.14)
    smart_listing (1.0.0)
      coffee-rails
      kaminari (>= 0.15.1)
      rails (>= 3.2)
    sprockets (2.12.1)
      hike (~> 1.2)
      multi_json (~> 1.0)
      rack (~> 1.0)
      tilt (~> 1.1, != 1.3.0)
    sprockets-rails (2.1.3)
      actionpack (>= 3.0)
      activesupport (>= 3.0)
      sprockets (~> 2.8)
    thor (0.19.1)
    thread_safe (0.3.3)
    tilt (1.4.1)
    treetop (1.4.15)
      polyglot
      polyglot (>= 0.3.1)
    ttfunk (1.1.1)
    twitter-typeahead-rails (0.10.2)
      actionpack (>= 3.1)
      jquery-rails
      railties (>= 3.1)
    tzinfo (1.1.0)
      thread_safe (~> 0.1)
    tzinfo-data (1.2014.3)
      tzinfo (>= 1.0.0)
    uglifier (2.5.0)
      execjs (>= 0.3.0)
      json (>= 1.8.0)
    websocket-driver (0.3.3)

PLATFORMS
  x86-mingw32

DEPENDENCIES
  backgridjs-rails
  bcrypt
  better_errors
  bootstrap-sass!
  bootstrap3-datetimepicker-rails
  breadcrumbs_on_rails
  cancan
  cocoon
  coffee-rails (~> 4.0.0)
  faye-websocket
  font-awesome-rails!
  gibbon
  gmaps4rails
  haml
  icheck-rails
  jbuilder
  jquery-migrate-rails
  jquery-rails!
  jquery-turbolinks!
  jquery-ui-rails!
  masked_input-rails!
  momentjs-rails
  paper_trail!
  pg
  pg_search
  placeholder-gem
  prawn
  rails
  railties
  sass-rails!
  sdoc
  select2-rails
  simple_form!
  smart_listing
  turbolinks!
  twitter-typeahead-rails
  tzinfo-data
  uglifier (>= 1.3.0)
