GIT
  remote: git://github.com/airblade/paper_trail.git
  revision: eb36d1a9e0ba85e2c359c35fdd2092797770db2b
  specs:
    paper_trail (3.0.1)
      activerecord (>= 3.0, < 5.0)
      activesupport (>= 3.0, < 5.0)

GIT
  remote: git://github.com/bokmann/font-awesome-rails.git
  revision: f34cfb5a121a78fd1d9a61de6b00ec0be434fdea
  specs:
    font-awesome-rails (4.0.3.1)
      railties (>= 3.2, < 5.0)

GIT
  remote: git://github.com/joliss/jquery-ui-rails.git
  revision: 8b2d28d20d4d9372f5ae6318a878bfec275d7b10
  specs:
    jquery-ui-rails (4.2.1)
      railties (>= 3.2.16)

GIT
  remote: git://github.com/kossnocorp/jquery.turbolinks.git
  revision: 76c7a4ab18f64239896c4899b1fac78d84f0aac2
  specs:
    jquery-turbolinks (2.0.2)
      railties (>= 3.1.0)
      turbolinks

GIT
  remote: git://github.com/plataformatec/simple_form.git
  revision: 3805d187a11a0919e7ba9880bf57e8d0fb866a5f
  specs:
    simple_form (3.1.0.rc1)
      actionpack (~> 4.0)
      activemodel (~> 4.0)

GIT
  remote: git://github.com/pry/pry.git
  revision: 487f54852c51e139fd25972a45d5777216b8dbcb
  specs:
    pry (0.10.0.pre)
      coderay (~> 1.1.0)
      method_source (~> 0.8.1)
      slop (~> 3.4)

GIT
  remote: git://github.com/rafaelmacedo/masked_input-rails.git
  revision: 354f528c11abfd095cdf241a127b5da38690d596
  specs:
    masked_input-rails (1.2.0.pre)
      railties (~> 4.0)

GIT
  remote: git://github.com/rails/jquery-rails.git
  revision: f08040b92417faf43b3f92b6431f5431a1c363de
  specs:
    jquery-rails (3.1.0)
      railties (>= 3.0, < 5.0)
      thor (>= 0.14, < 2.0)

GIT
  remote: git://github.com/rails/rails.git
  revision: c524556e58bcacade1d67c057c0fa30c0bd13327
  specs:
    actionmailer (4.2.0.alpha)
      actionpack (= 4.2.0.alpha)
      actionview (= 4.2.0.alpha)
      mail (~> 2.5.4)
    actionpack (4.2.0.alpha)
      actionview (= 4.2.0.alpha)
      activesupport (= 4.2.0.alpha)
      rack (~> 1.5.2)
      rack-test (~> 0.6.2)
    actionview (4.2.0.alpha)
      activesupport (= 4.2.0.alpha)
      builder (~> 3.1)
      erubis (~> 2.7.0)
    activemodel (4.2.0.alpha)
      activesupport (= 4.2.0.alpha)
      builder (~> 3.1)
    activerecord (4.2.0.alpha)
      activemodel (= 4.2.0.alpha)
      activesupport (= 4.2.0.alpha)
      arel (~> 5.0.0)
    activesupport (4.2.0.alpha)
      i18n (~> 0.6, >= 0.6.9)
      json (~> 1.7, >= 1.7.7)
      minitest (~> 5.1)
      thread_safe (~> 0.1)
      tzinfo (~> 1.1)
    rails (4.2.0.alpha)
      actionmailer (= 4.2.0.alpha)
      actionpack (= 4.2.0.alpha)
      actionview (= 4.2.0.alpha)
      activemodel (= 4.2.0.alpha)
      activerecord (= 4.2.0.alpha)
      activesupport (= 4.2.0.alpha)
      bundler (>= 1.3.0, < 2.0)
      railties (= 4.2.0.alpha)
      sprockets-rails (~> 2.1)
    railties (4.2.0.alpha)
      actionpack (= 4.2.0.alpha)
      activesupport (= 4.2.0.alpha)
      rake (>= 0.8.7)
      thor (>= 0.18.1, < 2.0)

GIT
  remote: git://github.com/rails/sass-rails.git
  revision: 7138bbb401159b116dda4ec9dd4b375dc1d2e59a
  specs:
    sass-rails (4.0.1)
      railties (>= 4.0.0, < 5.0)
      sass (~> 3.2.0)
      sprockets (~> 2.8, <= 2.11.0)
      sprockets-rails (~> 2.0)

GIT
  remote: git://github.com/rails/turbolinks.git
  revision: 3aab7249bb0b695b49f2a31493653f0dce87729c
  specs:
    turbolinks (2.2.2)
      coffee-rails

GIT
  remote: git://github.com/twbs/bootstrap-sass.git
  revision: 4ae14a582bfb37e9af7827eddee28807b87f0663
  specs:
    bootstrap-sass (3.1.1.1)
      sass (~> 3.2)

GEM
  remote: https://rubygems.org/
  specs:
    arel (5.0.1.20140414130214)
    bcrypt (3.1.7-x86-mingw32)
    bcrypt-ruby (3.1.5-x86-mingw32)
      bcrypt (>= 3.1.3)
    better_errors (1.1.0)
      coderay (>= 1.0.0)
      erubis (>= 2.6.6)
    bootstrap3-datetimepicker-rails (3.0.0)
      momentjs-rails (~> 2.5.0)
    breadcrumbs_on_rails (2.3.0)
    builder (3.2.2)
    cancan (1.6.10)
    cocoon (1.2.6)
    coderay (1.1.0)
    coffee-rails (4.0.1)
      coffee-script (>= 2.2.0)
      railties (>= 4.0.0, < 5.0)
    coffee-script (2.2.0)
      coffee-script-source
      execjs
    coffee-script-source (1.7.0)
    erubis (2.7.0)
    eventmachine (1.0.3-x86-mingw32)
    execjs (2.0.2)
    faye-websocket (0.7.2)
      eventmachine (>= 0.12.0)
      websocket-driver (>= 0.3.1)
    gibbon (1.1.2)
      httparty
      multi_json (>= 1.3.4)
    gmaps4rails (2.1.2)
    haml (4.0.5)
      tilt
    hike (1.2.3)
    httparty (0.13.1)
      json (~> 1.8)
      multi_xml (>= 0.5.2)
    i18n (0.6.9)
    jbuilder (2.0.6)
      activesupport (>= 3.0.0, < 5)
      multi_json (~> 1.2)
    json (1.8.1)
    mail (2.5.4)
      mime-types (~> 1.16)
      treetop (~> 1.4.8)
    method_source (0.8.2)
    mime-types (1.25.1)
    minitest (5.3.3)
    momentjs-rails (2.5.1)
      railties (>= 3.1)
    multi_json (1.9.2)
    multi_xml (0.5.5)
    pdf-core (0.2.5)
    pg (0.17.1-x86-mingw32)
    pg_search (0.7.3)
      activerecord (>= 3.1)
      activesupport (>= 3.1)
      arel
    placeholder-gem (3.0.2)
      railties (>= 3.1)
    polyglot (0.3.4)
    prawn (1.0.0)
      pdf-core (~> 0.2.2)
      ttfunk (~> 1.1.1)
    rack (1.5.2)
    rack-test (0.6.2)
      rack (>= 1.0)
    rake (10.3.1)
    rdoc (4.1.1)
      json (~> 1.4)
    sass (3.2.19)
    sdoc (0.4.0)
      json (~> 1.8)
      rdoc (~> 4.0, < 5.0)
    slop (3.5.0)
    sprockets (2.11.0)
      hike (~> 1.2)
      multi_json (~> 1.0)
      rack (~> 1.0)
      tilt (~> 1.1, != 1.3.0)
    sprockets-rails (2.1.3)
      actionpack (>= 3.0)
      activesupport (>= 3.0)
      sprockets (~> 2.8)
    thor (0.19.1)
    thread_safe (0.3.3)
    tilt (1.4.1)
    treetop (1.4.15)
      polyglot
      polyglot (>= 0.3.1)
    ttfunk (1.1.1)
    tzinfo (1.1.0)
      thread_safe (~> 0.1)
    tzinfo-data (1.2014.2)
      tzinfo (>= 1.0.0)
    uglifier (2.5.0)
      execjs (>= 0.3.0)
      json (>= 1.8.0)
    websocket-driver (0.3.2)

PLATFORMS
  x86-mingw32

DEPENDENCIES
  bcrypt-ruby
  better_errors
  bootstrap-sass!
  bootstrap3-datetimepicker-rails
  breadcrumbs_on_rails
  cancan
  cocoon
  coffee-rails (~> 4.0.0)
  faye-websocket
  font-awesome-rails!
  gibbon
  gmaps4rails
  haml
  jbuilder
  jquery-rails!
  jquery-turbolinks!
  jquery-ui-rails!
  masked_input-rails!
  momentjs-rails
  paper_trail!
  pg
  pg_search
  placeholder-gem
  prawn
  pry!
  rails!
  sass-rails!
  sdoc
  simple_form!
  turbolinks!
  tzinfo-data
  uglifier (>= 1.3.0)
